GEM
  remote: http://rubygems.org/
  remote: http://gems.github.com/
  specs:
    actionmailer (2.3.8)
      actionpack (= 2.3.8)
    actionpack (2.3.8)
      activesupport (= 2.3.8)
      rack (~> 1.1.0)
    activerecord (2.3.8)
      activesupport (= 2.3.8)
    activeresource (2.3.8)
      activesupport (= 2.3.8)
    activesupport (2.3.8)
    authlogic (2.1.6)
      activesupport
    i18n (0.4.2)
    mysql (2.8.1)
    rack (1.1.2)
    rails (2.3.8)
      actionmailer (= 2.3.8)
      actionpack (= 2.3.8)
      activerecord (= 2.3.8)
      activeresource (= 2.3.8)
      activesupport (= 2.3.8)
      rake (>= 0.8.3)
    rake (0.8.7)

PLATFORMS
  ruby

DEPENDENCIES
  authlogic (= 2.1.6)
  i18n (= 0.4.2)
  mysql
  rails (= 2.3.8)
  rake (= 0.8.7)
